STORAGE: NONE
RESTRICTION: == net8.0
NUGET
  remote: https://api.nuget.org/v3/index.json
    Azure.Core (1.44.1)
      Microsoft.Bcl.AsyncInterfaces (>= 6.0)
      System.ClientModel (>= 1.1)
      System.Diagnostics.DiagnosticSource (>= 6.0.1)
      System.Memory.Data (>= 6.0)
      System.Numerics.Vectors (>= 4.5)
      System.Text.Encodings.Web (>= 6.0)
      System.Text.Json (>= 6.0.10)
      System.Threading.Tasks.Extensions (>= 4.5.4)
    Azure.Identity (1.13.1)
      Azure.Core (>= 1.44.1)
      Microsoft.Identity.Client (>= 4.66.1)
      Microsoft.Identity.Client.Extensions.Msal (>= 4.66.1)
      System.Memory (>= 4.5.5)
      System.Text.Json (>= 6.0.10)
      System.Threading.Tasks.Extensions (>= 4.5.4)
    Azure.Monitor.OpenTelemetry.AspNetCore (1.2)
      Azure.Core (>= 1.40)
      Azure.Monitor.OpenTelemetry.Exporter (>= 1.3)
      OpenTelemetry.Extensions.Hosting (>= 1.8.1)
      OpenTelemetry.Instrumentation.AspNetCore (>= 1.8.1)
      OpenTelemetry.Instrumentation.Http (>= 1.8.1)
    Azure.Monitor.OpenTelemetry.Exporter (1.3)
      Azure.Core (>= 1.40)
      OpenTelemetry (>= 1.8.1)
      OpenTelemetry.PersistentStorage.FileSystem (>= 1.0)
    Expecto (9.0.4)
      FSharp.Core (>= 4.6)
      Mono.Cecil (>= 0.11.3)
    Fable.AST (4.5)
    Fable.Browser.Blob (1.4)
      Fable.Core (>= 3.2.8)
      FSharp.Core (>= 4.7.2)
    Fable.Browser.Dom (2.17)
      Fable.Browser.Blob (>= 1.4)
      Fable.Browser.Event (>= 1.6)
      Fable.Browser.WebStorage (>= 1.3)
      Fable.Core (>= 3.2.8)
      FSharp.Core (>= 4.7.2)
    Fable.Browser.Event (1.6)
      Fable.Browser.Gamepad (>= 1.3)
      Fable.Core (>= 3.2.8)
      FSharp.Core (>= 4.7.2)
    Fable.Browser.Gamepad (1.3)
      Fable.Core (>= 3.2.8)
      FSharp.Core (>= 4.7.2)
    Fable.Browser.WebStorage (1.3)
      Fable.Browser.Event (>= 1.6)
      Fable.Core (>= 3.2.8)
      FSharp.Core (>= 4.7.2)
    Fable.Browser.XMLHttpRequest (1.4)
      Fable.Browser.Blob (>= 1.4)
      Fable.Browser.Event (>= 1.6)
      Fable.Core (>= 3.2.8)
      FSharp.Core (>= 4.7.2)
    Fable.Core (4.3)
    Fable.Elmish (4.2)
      Fable.Core (>= 3.7.1)
      FSharp.Core (>= 4.7.2)
    Fable.Elmish.HMR (7.0)
      Fable.Core (>= 3.7.1)
      Fable.Elmish.React (>= 4.0)
      FSharp.Core (>= 4.7.2)
    Fable.Elmish.React (4.0)
      Fable.Elmish (>= 4.0)
      Fable.ReactDom.Types (>= 18.0)
      FSharp.Core (>= 4.7.2)
    Fable.Mocha (2.17)
      Fable.Core (>= 3.0)
      FSharp.Core (>= 4.7)
    Fable.Parsimmon (4.1)
      Fable.Core (>= 3.0)
      FSharp.Core (>= 4.6.2)
    Fable.React.Types (18.3)
      Fable.Browser.Dom (>= 2.4.4)
      Fable.Core (>= 3.2.7)
      FSharp.Core (>= 4.7.2)
    Fable.ReactDom.Types (18.2)
      Fable.React.Types (>= 18.3)
      FSharp.Core (>= 4.7.2)
    Fable.Remoting.Client (7.32)
      Fable.Browser.XMLHttpRequest (>= 1.0)
      Fable.Core (>= 3.1.5)
      Fable.Remoting.MsgPack (>= 1.24)
      Fable.SimpleJson (>= 3.24)
      FSharp.Core (>= 4.7.2)
    Fable.Remoting.Giraffe (5.21)
      Fable.Remoting.Server (>= 5.39)
      FSharp.Core (>= 6.0)
      Giraffe (>= 5.0)
      Microsoft.IO.RecyclableMemoryStream (>= 3.0 < 4.0)
    Fable.Remoting.Json (2.25)
      FSharp.Core (>= 6.0)
      Newtonsoft.Json (>= 13.0.3)
    Fable.Remoting.MsgPack (1.24)
      FSharp.Core (>= 4.7.2)
    Fable.Remoting.Server (5.39)
      Fable.Remoting.Json (>= 2.25)
      Fable.Remoting.MsgPack (>= 1.24)
      FSharp.Core (>= 6.0)
      Microsoft.IO.RecyclableMemoryStream (>= 3.0 < 4.0)
    Fable.SimpleJson (3.24)
      Fable.Core (>= 3.1.5)
      Fable.Parsimmon (>= 4.0)
      FSharp.Core (>= 4.7)
    Fake.Core.CommandLineParsing (6.0)
      FParsec (>= 1.1.1)
      FSharp.Core (>= 6.0.3)
    Fake.Core.Context (6.0)
      FSharp.Core (>= 6.0.3)
    Fake.Core.Environment (6.0)
      FSharp.Core (>= 6.0.3)
    Fake.Core.FakeVar (6.0)
      Fake.Core.Context (>= 6.0)
      FSharp.Core (>= 6.0.3)
    Fake.Core.Process (5.23.1)
      Fake.Core.Environment (>= 5.23.1)
      Fake.Core.FakeVar (>= 5.23.1)
      Fake.Core.String (>= 5.23.1)
      Fake.Core.Trace (>= 5.23.1)
      Fake.IO.FileSystem (>= 5.23.1)
      FSharp.Core (>= 6.0)
      System.Collections.Immutable (>= 5.0)
    Fake.Core.String (6.0)
      FSharp.Core (>= 6.0.3)
    Fake.Core.Target (5.23.1)
      Fake.Core.CommandLineParsing (>= 5.23.1)
      Fake.Core.Context (>= 5.23.1)
      Fake.Core.Environment (>= 5.23.1)
      Fake.Core.FakeVar (>= 5.23.1)
      Fake.Core.Process (>= 5.23.1)
      Fake.Core.String (>= 5.23.1)
      Fake.Core.Trace (>= 5.23.1)
      FSharp.Control.Reactive (>= 5.0.2)
      FSharp.Core (>= 6.0)
    Fake.Core.Trace (6.0)
      Fake.Core.Environment (>= 6.0)
      Fake.Core.FakeVar (>= 6.0)
      FSharp.Core (>= 6.0.3)
    Fake.IO.FileSystem (5.23.1)
      Fake.Core.String (>= 5.23.1)
      FSharp.Core (>= 6.0)
    Farmer (1.9.6)
      FSharp.Core (>= 5.0)
      System.Text.Json (>= 5.0)
    Feliz (2.8)
      Fable.ReactDom.Types (>= 18.2)
      Feliz.CompilerPlugins (>= 2.2)
      FSharp.Core (>= 4.7.2)
    Feliz.CompilerPlugins (2.2)
      Fable.AST (>= 4.2.1)
      FSharp.Core (>= 4.7.2)
    FParsec (1.1.1)
      FSharp.Core (>= 4.3.4)
    FSharp.Control.Reactive (5.0.5)
      FSharp.Core (>= 4.7.2)
      System.Reactive (>= 5.0 < 6.0)
    FSharp.Control.Websockets (0.3)
      FSharp.Core (>= 6.0)
      Microsoft.IO.RecyclableMemoryStream (>= 3.0)
    FSharp.Core (8.0.401)
    Giraffe (6.4)
      FSharp.Core (>= 6.0)
      Giraffe.ViewEngine (>= 1.4)
      Microsoft.IO.RecyclableMemoryStream (>= 3.0)
      Newtonsoft.Json (>= 13.0.3)
      System.Text.Json (>= 8.0.3)
    Giraffe.ViewEngine (1.4)
      FSharp.Core (>= 5.0)
    Microsoft.AspNetCore.Authentication.JwtBearer (8.0.6)
      Microsoft.IdentityModel.Protocols.OpenIdConnect (>= 7.1.2)
    Microsoft.Bcl.AsyncInterfaces (9.0)
    Microsoft.CSharp (4.7)
    Microsoft.Extensions.Configuration (9.0)
      Microsoft.Extensions.Configuration.Abstractions (>= 9.0)
      Microsoft.Extensions.Primitives (>= 9.0)
    Microsoft.Extensions.Configuration.Abstractions (9.0)
      Microsoft.Extensions.Primitives (>= 9.0)
    Microsoft.Extensions.Configuration.Binder (9.0)
      Microsoft.Extensions.Configuration.Abstractions (>= 9.0)
    Microsoft.Extensions.DependencyInjection (9.0)
      Microsoft.Extensions.DependencyInjection.Abstractions (>= 9.0)
    Microsoft.Extensions.DependencyInjection.Abstractions (9.0)
    Microsoft.Extensions.DependencyModel (8.0.2)
    Microsoft.Extensions.Diagnostics.Abstractions (9.0)
      Microsoft.Extensions.DependencyInjection.Abstractions (>= 9.0)
      Microsoft.Extensions.Options (>= 9.0)
      System.Diagnostics.DiagnosticSource (>= 9.0)
    Microsoft.Extensions.FileProviders.Abstractions (9.0)
      Microsoft.Extensions.Primitives (>= 9.0)
    Microsoft.Extensions.Hosting.Abstractions (9.0)
      Microsoft.Extensions.Configuration.Abstractions (>= 9.0)
      Microsoft.Extensions.DependencyInjection.Abstractions (>= 9.0)
      Microsoft.Extensions.Diagnostics.Abstractions (>= 9.0)
      Microsoft.Extensions.FileProviders.Abstractions (>= 9.0)
      Microsoft.Extensions.Logging.Abstractions (>= 9.0)
    Microsoft.Extensions.Logging (9.0)
      Microsoft.Extensions.DependencyInjection (>= 9.0)
      Microsoft.Extensions.Logging.Abstractions (>= 9.0)
      Microsoft.Extensions.Options (>= 9.0)
    Microsoft.Extensions.Logging.Abstractions (9.0)
      Microsoft.Extensions.DependencyInjection.Abstractions (>= 9.0)
      System.Diagnostics.DiagnosticSource (>= 9.0)
    Microsoft.Extensions.Logging.Configuration (9.0)
      Microsoft.Extensions.Configuration (>= 9.0)
      Microsoft.Extensions.Configuration.Abstractions (>= 9.0)
      Microsoft.Extensions.Configuration.Binder (>= 9.0)
      Microsoft.Extensions.DependencyInjection.Abstractions (>= 9.0)
      Microsoft.Extensions.Logging (>= 9.0)
      Microsoft.Extensions.Logging.Abstractions (>= 9.0)
      Microsoft.Extensions.Options (>= 9.0)
      Microsoft.Extensions.Options.ConfigurationExtensions (>= 9.0)
    Microsoft.Extensions.Options (9.0)
      Microsoft.Extensions.DependencyInjection.Abstractions (>= 9.0)
      Microsoft.Extensions.Primitives (>= 9.0)
    Microsoft.Extensions.Options.ConfigurationExtensions (9.0)
      Microsoft.Extensions.Configuration.Abstractions (>= 9.0)
      Microsoft.Extensions.Configuration.Binder (>= 9.0)
      Microsoft.Extensions.DependencyInjection.Abstractions (>= 9.0)
      Microsoft.Extensions.Options (>= 9.0)
      Microsoft.Extensions.Primitives (>= 9.0)
    Microsoft.Extensions.Primitives (9.0)
    Microsoft.Identity.Client (4.66.2)
      Microsoft.IdentityModel.Abstractions (>= 6.35)
      System.Diagnostics.DiagnosticSource (>= 6.0.1)
    Microsoft.Identity.Client.Extensions.Msal (4.66.2)
      Microsoft.Identity.Client (>= 4.66.2)
      System.Security.Cryptography.ProtectedData (>= 4.5)
    Microsoft.IdentityModel.Abstractions (7.6.2)
    Microsoft.IdentityModel.JsonWebTokens (7.6.2)
      Microsoft.IdentityModel.Tokens (>= 7.6.2)
    Microsoft.IdentityModel.Logging (7.6.2)
      Microsoft.IdentityModel.Abstractions (>= 7.6.2)
    Microsoft.IdentityModel.Protocols (7.6.2)
      Microsoft.IdentityModel.Tokens (>= 7.6.2)
    Microsoft.IdentityModel.Protocols.OpenIdConnect (7.6.2)
      Microsoft.IdentityModel.Protocols (>= 7.6.2)
      System.IdentityModel.Tokens.Jwt (>= 7.6.2)
    Microsoft.IdentityModel.Tokens (7.6.2)
      Microsoft.IdentityModel.Logging (>= 7.6.2)
    Microsoft.IO.RecyclableMemoryStream (3.0.1)
    Microsoft.NETCore.Platforms (7.0.4)
    Microsoft.NETCore.Targets (5.0)
    Mono.Cecil (0.11.5)
    Newtonsoft.Json (13.0.3)
    OpenTelemetry (1.10)
      Microsoft.Extensions.Diagnostics.Abstractions (>= 9.0)
      Microsoft.Extensions.Logging.Configuration (>= 9.0)
      OpenTelemetry.Api.ProviderBuilderExtensions (>= 1.10)
    OpenTelemetry.Api (1.10)
      System.Diagnostics.DiagnosticSource (>= 9.0)
    OpenTelemetry.Api.ProviderBuilderExtensions (1.10)
      Microsoft.Extensions.DependencyInjection.Abstractions (>= 9.0)
      OpenTelemetry.Api (>= 1.10)
    OpenTelemetry.Extensions.Hosting (1.10)
      Microsoft.Extensions.Hosting.Abstractions (>= 9.0)
      OpenTelemetry (>= 1.10)
    OpenTelemetry.Instrumentation.AspNetCore (1.9)
      OpenTelemetry.Api.ProviderBuilderExtensions (>= 1.9 < 2.0)
    OpenTelemetry.Instrumentation.Http (1.10)
      Microsoft.Extensions.Configuration (>= 9.0)
      Microsoft.Extensions.Options (>= 9.0)
      OpenTelemetry.Api.ProviderBuilderExtensions (>= 1.10 < 2.0)
    OpenTelemetry.PersistentStorage.Abstractions (1.0)
    OpenTelemetry.PersistentStorage.FileSystem (1.0)
      OpenTelemetry.PersistentStorage.Abstractions (>= 1.0)
    runtime.debian.8-x64.runtime.native.System.Security.Cryptography.OpenSsl (4.3.3)
    runtime.debian.9-x64.runtime.native.System.Security.Cryptography.OpenSsl (4.3.3)
    runtime.fedora.23-x64.runtime.native.System.Security.Cryptography.OpenSsl (4.3.3)
    runtime.fedora.24-x64.runtime.native.System.Security.Cryptography.OpenSsl (4.3.3)
    runtime.fedora.27-x64.runtime.native.System.Security.Cryptography.OpenSsl (4.3.3)
    runtime.fedora.28-x64.runtime.native.System.Security.Cryptography.OpenSsl (4.3.3)
    runtime.native.System (4.3.1)
      Microsoft.NETCore.Platforms (>= 1.1.1)
      Microsoft.NETCore.Targets (>= 1.1.3)
    runtime.native.System.Net.Http (4.3.1)
      Microsoft.NETCore.Platforms (>= 1.1.1)
      Microsoft.NETCore.Targets (>= 1.1.3)
    runtime.native.System.Security.Cryptography.Apple (4.3.1)
      runtime.osx.10.10-x64.runtime.native.System.Security.Cryptography.Apple (>= 4.3.1)
    runtime.native.System.Security.Cryptography.OpenSsl (4.3.3)
      runtime.debian.8-x64.runtime.native.System.Security.Cryptography.OpenSsl (>= 4.3.3)
      runtime.debian.9-x64.runtime.native.System.Security.Cryptography.OpenSsl (>= 4.3.3)
      runtime.fedora.23-x64.runtime.native.System.Security.Cryptography.OpenSsl (>= 4.3.3)
      runtime.fedora.24-x64.runtime.native.System.Security.Cryptography.OpenSsl (>= 4.3.3)
      runtime.fedora.27-x64.runtime.native.System.Security.Cryptography.OpenSsl (>= 4.3.3)
      runtime.fedora.28-x64.runtime.native.System.Security.Cryptography.OpenSsl (>= 4.3.3)
      runtime.opensuse.13.2-x64.runtime.native.System.Security.Cryptography.OpenSsl (>= 4.3.3)
      runtime.opensuse.42.1-x64.runtime.native.System.Security.Cryptography.OpenSsl (>= 4.3.3)
      runtime.opensuse.42.3-x64.runtime.native.System.Security.Cryptography.OpenSsl (>= 4.3.3)
      runtime.osx.10.10-x64.runtime.native.System.Security.Cryptography.OpenSsl (>= 4.3.3)
      runtime.rhel.7-x64.runtime.native.System.Security.Cryptography.OpenSsl (>= 4.3.3)
      runtime.ubuntu.14.04-x64.runtime.native.System.Security.Cryptography.OpenSsl (>= 4.3.3)
      runtime.ubuntu.16.04-x64.runtime.native.System.Security.Cryptography.OpenSsl (>= 4.3.3)
      runtime.ubuntu.16.10-x64.runtime.native.System.Security.Cryptography.OpenSsl (>= 4.3.3)
      runtime.ubuntu.18.04-x64.runtime.native.System.Security.Cryptography.OpenSsl (>= 4.3.3)
    runtime.opensuse.13.2-x64.runtime.native.System.Security.Cryptography.OpenSsl (4.3.3)
    runtime.opensuse.42.1-x64.runtime.native.System.Security.Cryptography.OpenSsl (4.3.3)
    runtime.opensuse.42.3-x64.runtime.native.System.Security.Cryptography.OpenSsl (4.3.3)
    runtime.osx.10.10-x64.runtime.native.System.Security.Cryptography.Apple (4.3.1)
    runtime.osx.10.10-x64.runtime.native.System.Security.Cryptography.OpenSsl (4.3.3)
    runtime.rhel.7-x64.runtime.native.System.Security.Cryptography.OpenSsl (4.3.3)
    runtime.ubuntu.14.04-x64.runtime.native.System.Security.Cryptography.OpenSsl (4.3.3)
    runtime.ubuntu.16.04-x64.runtime.native.System.Security.Cryptography.OpenSsl (4.3.3)
    runtime.ubuntu.16.10-x64.runtime.native.System.Security.Cryptography.OpenSsl (4.3.3)
    runtime.ubuntu.18.04-x64.runtime.native.System.Security.Cryptography.OpenSsl (4.3.3)
    SAFE.Client (5.1)
      Fable.Core (>= 4.3 < 5.0)
      Fable.Elmish (>= 4.2 < 5.0)
      Fable.Elmish.HMR (>= 7.0 < 8.0)
      Fable.Elmish.React (>= 4.0 < 5.0)
      Fable.Mocha (>= 2.17 < 3.0)
      Fable.Remoting.Client (>= 7.32 < 8.0)
      Fable.SimpleJson (>= 3.24)
      Feliz (>= 2.8 < 3.0)
      FSharp.Core (>= 8.0.400 < 9.0)
    SAFE.Server (5.1)
      Fable.Remoting.Giraffe (>= 5.20 < 6.0)
      FSharp.Core (>= 8.0.400 < 9.0)
      Saturn (>= 0.17 < 1.0)
    Saturn (0.17)
      FSharp.Control.Websockets (>= 0.2.2)
      Giraffe (>= 6.4)
      Microsoft.AspNetCore.Authentication.JwtBearer (>= 6.0.3)
    Serilog (4.1)
    Serilog.AspNetCore (8.0.3)
      Microsoft.Extensions.Logging (>= 8.0)
      Serilog (>= 3.1.1)
      Serilog.Extensions.Hosting (>= 8.0)
      Serilog.Formatting.Compact (>= 2.0)
      Serilog.Settings.Configuration (>= 8.0.4)
      Serilog.Sinks.Console (>= 5.0)
      Serilog.Sinks.Debug (>= 2.0)
      Serilog.Sinks.File (>= 5.0)
    Serilog.Extensions.Hosting (8.0)
      Microsoft.Extensions.DependencyInjection.Abstractions (>= 8.0)
      Microsoft.Extensions.Hosting.Abstractions (>= 8.0)
      Microsoft.Extensions.Logging.Abstractions (>= 8.0)
      Serilog (>= 3.1.1)
      Serilog.Extensions.Logging (>= 8.0)
    Serilog.Extensions.Logging (8.0)
      Microsoft.Extensions.Logging (>= 8.0)
      Serilog (>= 3.1.1)
    Serilog.Formatting.Compact (3.0)
      Serilog (>= 4.0)
    Serilog.Settings.Configuration (8.0.4)
      Microsoft.Extensions.Configuration.Binder (>= 8.0)
      Microsoft.Extensions.DependencyModel (>= 8.0.2)
      Serilog (>= 3.1.1)
    Serilog.Sinks.AzureLogAnalytics (6.6.7)
      Azure.Core (>= 1.39)
      Microsoft.CSharp (>= 4.7)
      Serilog (>= 3.1.1)
      System.Net.Http (>= 4.3.4)
      System.Net.Http.Json (>= 8.0)
      System.Text.Json (>= 8.0.3)
    Serilog.Sinks.Console (6.0)
      Serilog (>= 4.0)
    Serilog.Sinks.Debug (3.0)
      Serilog (>= 4.0)
    Serilog.Sinks.File (6.0)
      Serilog (>= 4.0)
    System.ClientModel (1.2.1)
      System.Memory.Data (>= 6.0)
      System.Text.Json (>= 6.0.10)
    System.Collections (4.3)
      Microsoft.NETCore.Platforms (>= 1.1)
      Microsoft.NETCore.Targets (>= 1.1)
      System.Runtime (>= 4.3)
    System.Collections.Concurrent (4.3)
      System.Collections (>= 4.3)
      System.Diagnostics.Debug (>= 4.3)
      System.Diagnostics.Tracing (>= 4.3)
      System.Globalization (>= 4.3)
      System.Reflection (>= 4.3)
      System.Resources.ResourceManager (>= 4.3)
      System.Runtime (>= 4.3)
      System.Runtime.Extensions (>= 4.3)
      System.Threading (>= 4.3)
      System.Threading.Tasks (>= 4.3)
    System.Collections.Immutable (8.0)
    System.Diagnostics.Debug (4.3)
      Microsoft.NETCore.Platforms (>= 1.1)
      Microsoft.NETCore.Targets (>= 1.1)
      System.Runtime (>= 4.3)
    System.Diagnostics.DiagnosticSource (9.0)
    System.Diagnostics.Tracing (4.3)
      Microsoft.NETCore.Platforms (>= 1.1)
      Microsoft.NETCore.Targets (>= 1.1)
      System.Runtime (>= 4.3)
    System.Formats.Asn1 (9.0)
    System.Globalization (4.3)
      Microsoft.NETCore.Platforms (>= 1.1)
      Microsoft.NETCore.Targets (>= 1.1)
      System.Runtime (>= 4.3)
    System.Globalization.Calendars (4.3)
      Microsoft.NETCore.Platforms (>= 1.1)
      Microsoft.NETCore.Targets (>= 1.1)
      System.Globalization (>= 4.3)
      System.Runtime (>= 4.3)
    System.Globalization.Extensions (4.3)
      Microsoft.NETCore.Platforms (>= 1.1)
      System.Globalization (>= 4.3)
      System.Resources.ResourceManager (>= 4.3)
      System.Runtime (>= 4.3)
      System.Runtime.Extensions (>= 4.3)
      System.Runtime.InteropServices (>= 4.3)
    System.IdentityModel.Tokens.Jwt (7.6.2)
      Microsoft.IdentityModel.JsonWebTokens (>= 7.6.2)
      Microsoft.IdentityModel.Tokens (>= 7.6.2)
    System.IO (4.3)
      Microsoft.NETCore.Platforms (>= 1.1)
      Microsoft.NETCore.Targets (>= 1.1)
      System.Runtime (>= 4.3)
      System.Text.Encoding (>= 4.3)
      System.Threading.Tasks (>= 4.3)
    System.IO.FileSystem (4.3)
      Microsoft.NETCore.Platforms (>= 1.1)
      Microsoft.NETCore.Targets (>= 1.1)
      System.IO (>= 4.3)
      System.IO.FileSystem.Primitives (>= 4.3)
      System.Runtime (>= 4.3)
      System.Runtime.Handles (>= 4.3)
      System.Text.Encoding (>= 4.3)
      System.Threading.Tasks (>= 4.3)
    System.IO.FileSystem.Primitives (4.3)
      System.Runtime (>= 4.3)
    System.Linq (4.3)
      System.Collections (>= 4.3)
      System.Diagnostics.Debug (>= 4.3)
      System.Resources.ResourceManager (>= 4.3)
      System.Runtime (>= 4.3)
      System.Runtime.Extensions (>= 4.3)
    System.Memory (4.6)
    System.Memory.Data (8.0.1)
    System.Net.Http (4.3.4)
      Microsoft.NETCore.Platforms (>= 1.1.1)
      runtime.native.System (>= 4.3)
      runtime.native.System.Net.Http (>= 4.3)
      runtime.native.System.Security.Cryptography.OpenSsl (>= 4.3.2)
      System.Collections (>= 4.3)
      System.Diagnostics.Debug (>= 4.3)
      System.Diagnostics.DiagnosticSource (>= 4.3)
      System.Diagnostics.Tracing (>= 4.3)
      System.Globalization (>= 4.3)
      System.Globalization.Extensions (>= 4.3)
      System.IO (>= 4.3)
      System.IO.FileSystem (>= 4.3)
      System.Net.Primitives (>= 4.3)
      System.Resources.ResourceManager (>= 4.3)
      System.Runtime (>= 4.3)
      System.Runtime.Extensions (>= 4.3)
      System.Runtime.Handles (>= 4.3)
      System.Runtime.InteropServices (>= 4.3)
      System.Security.Cryptography.Algorithms (>= 4.3)
      System.Security.Cryptography.Encoding (>= 4.3)
      System.Security.Cryptography.OpenSsl (>= 4.3)
      System.Security.Cryptography.Primitives (>= 4.3)
      System.Security.Cryptography.X509Certificates (>= 4.3)
      System.Text.Encoding (>= 4.3)
      System.Threading (>= 4.3)
      System.Threading.Tasks (>= 4.3)
    System.Net.Http.Json (8.0.1)
    System.Net.Primitives (4.3.1)
      Microsoft.NETCore.Platforms (>= 1.1.1)
      Microsoft.NETCore.Targets (>= 1.1.3)
      System.Runtime (>= 4.3.1)
      System.Runtime.Handles (>= 4.3)
    System.Numerics.Vectors (4.6)
    System.Reactive (5.0)
    System.Reflection (4.3)
      Microsoft.NETCore.Platforms (>= 1.1)
      Microsoft.NETCore.Targets (>= 1.1)
      System.IO (>= 4.3)
      System.Reflection.Primitives (>= 4.3)
      System.Runtime (>= 4.3)
    System.Reflection.Primitives (4.3)
      Microsoft.NETCore.Platforms (>= 1.1)
      Microsoft.NETCore.Targets (>= 1.1)
      System.Runtime (>= 4.3)
    System.Resources.ResourceManager (4.3)
      Microsoft.NETCore.Platforms (>= 1.1)
      Microsoft.NETCore.Targets (>= 1.1)
      System.Globalization (>= 4.3)
      System.Reflection (>= 4.3)
      System.Runtime (>= 4.3)
    System.Runtime (4.3.1)
      Microsoft.NETCore.Platforms (>= 1.1.1)
      Microsoft.NETCore.Targets (>= 1.1.3)
    System.Runtime.Extensions (4.3.1)
      Microsoft.NETCore.Platforms (>= 1.1.1)
      Microsoft.NETCore.Targets (>= 1.1.3)
      System.Runtime (>= 4.3.1)
    System.Runtime.Handles (4.3)
      Microsoft.NETCore.Platforms (>= 1.1)
      Microsoft.NETCore.Targets (>= 1.1)
      System.Runtime (>= 4.3)
    System.Runtime.InteropServices (4.3)
      Microsoft.NETCore.Platforms (>= 1.1)
      Microsoft.NETCore.Targets (>= 1.1)
      System.Reflection (>= 4.3)
      System.Reflection.Primitives (>= 4.3)
      System.Runtime (>= 4.3)
      System.Runtime.Handles (>= 4.3)
    System.Runtime.Numerics (4.3)
      System.Globalization (>= 4.3)
      System.Resources.ResourceManager (>= 4.3)
      System.Runtime (>= 4.3)
      System.Runtime.Extensions (>= 4.3)
    System.Security.Cryptography.Algorithms (4.3.1)
      Microsoft.NETCore.Platforms (>= 1.1)
      runtime.native.System.Security.Cryptography.Apple (>= 4.3.1)
      runtime.native.System.Security.Cryptography.OpenSsl (>= 4.3.2)
      System.Collections (>= 4.3)
      System.IO (>= 4.3)
      System.Resources.ResourceManager (>= 4.3)
      System.Runtime (>= 4.3)
      System.Runtime.Extensions (>= 4.3)
      System.Runtime.Handles (>= 4.3)
      System.Runtime.InteropServices (>= 4.3)
      System.Runtime.Numerics (>= 4.3)
      System.Security.Cryptography.Encoding (>= 4.3)
      System.Security.Cryptography.Primitives (>= 4.3)
      System.Text.Encoding (>= 4.3)
    System.Security.Cryptography.Cng (5.0)
      System.Formats.Asn1 (>= 5.0)
    System.Security.Cryptography.Csp (4.3)
      Microsoft.NETCore.Platforms (>= 1.1)
      System.IO (>= 4.3)
      System.Reflection (>= 4.3)
      System.Resources.ResourceManager (>= 4.3)
      System.Runtime (>= 4.3)
      System.Runtime.Extensions (>= 4.3)
      System.Runtime.Handles (>= 4.3)
      System.Runtime.InteropServices (>= 4.3)
      System.Security.Cryptography.Algorithms (>= 4.3)
      System.Security.Cryptography.Encoding (>= 4.3)
      System.Security.Cryptography.Primitives (>= 4.3)
      System.Text.Encoding (>= 4.3)
      System.Threading (>= 4.3)
    System.Security.Cryptography.Encoding (4.3)
      Microsoft.NETCore.Platforms (>= 1.1)
      runtime.native.System.Security.Cryptography.OpenSsl (>= 4.3)
      System.Collections (>= 4.3)
      System.Collections.Concurrent (>= 4.3)
      System.Linq (>= 4.3)
      System.Resources.ResourceManager (>= 4.3)
      System.Runtime (>= 4.3)
      System.Runtime.Extensions (>= 4.3)
      System.Runtime.Handles (>= 4.3)
      System.Runtime.InteropServices (>= 4.3)
      System.Security.Cryptography.Primitives (>= 4.3)
      System.Text.Encoding (>= 4.3)
    System.Security.Cryptography.OpenSsl (5.0)
      System.Formats.Asn1 (>= 5.0)
    System.Security.Cryptography.Primitives (4.3)
      System.Diagnostics.Debug (>= 4.3)
      System.Globalization (>= 4.3)
      System.IO (>= 4.3)
      System.Resources.ResourceManager (>= 4.3)
      System.Runtime (>= 4.3)
      System.Threading (>= 4.3)
      System.Threading.Tasks (>= 4.3)
    System.Security.Cryptography.ProtectedData (9.0)
    System.Security.Cryptography.X509Certificates (4.3.2)
      Microsoft.NETCore.Platforms (>= 1.1)
      runtime.native.System (>= 4.3)
      runtime.native.System.Net.Http (>= 4.3)
      runtime.native.System.Security.Cryptography.OpenSsl (>= 4.3.2)
      System.Collections (>= 4.3)
      System.Diagnostics.Debug (>= 4.3)
      System.Globalization (>= 4.3)
      System.Globalization.Calendars (>= 4.3)
      System.IO (>= 4.3)
      System.IO.FileSystem (>= 4.3)
      System.IO.FileSystem.Primitives (>= 4.3)
      System.Resources.ResourceManager (>= 4.3)
      System.Runtime (>= 4.3)
      System.Runtime.Extensions (>= 4.3)
      System.Runtime.Handles (>= 4.3)
      System.Runtime.InteropServices (>= 4.3)
      System.Runtime.Numerics (>= 4.3)
      System.Security.Cryptography.Algorithms (>= 4.3)
      System.Security.Cryptography.Cng (>= 4.3)
      System.Security.Cryptography.Csp (>= 4.3)
      System.Security.Cryptography.Encoding (>= 4.3)
      System.Security.Cryptography.OpenSsl (>= 4.3)
      System.Security.Cryptography.Primitives (>= 4.3)
      System.Text.Encoding (>= 4.3)
      System.Threading (>= 4.3)
    System.Text.Encoding (4.3)
      Microsoft.NETCore.Platforms (>= 1.1)
      Microsoft.NETCore.Targets (>= 1.1)
      System.Runtime (>= 4.3)
    System.Text.Encodings.Web (8.0)
    System.Text.Json (8.0.3)
      System.Text.Encodings.Web (>= 8.0)
    System.Threading (4.3)
      System.Runtime (>= 4.3)
      System.Threading.Tasks (>= 4.3)
    System.Threading.Tasks (4.3)
      Microsoft.NETCore.Platforms (>= 1.1)
      Microsoft.NETCore.Targets (>= 1.1)
      System.Runtime (>= 4.3)
    System.Threading.Tasks.Extensions (4.6)
